PATH
  remote: .
  specs:
    share-linuxfr (0.0.1)
      daemons (~> 1.1)
      redis (~> 2.2)
      twitter (~> 1.7)
      yajl-ruby (~> 0.8)

GEM
  remote: http://rubygems.org/
  specs:
    addressable (2.2.6)
    daemons (1.1.4)
    faraday (0.7.4)
      addressable (~> 2.2.6)
      multipart-post (~> 1.1.0)
      rack (< 2, >= 1.1.0)
    faraday_middleware (0.7.0)
      faraday (~> 0.7.3)
    hashie (1.1.0)
    multi_json (1.0.3)
    multi_xml (0.3.0)
    multipart-post (1.1.3)
    rack (1.3.2)
    redis (2.2.2)
    simple_oauth (0.1.5)
    twitter (1.7.1)
      faraday (~> 0.7.4)
      faraday_middleware (~> 0.7.0)
      hashie (~> 1.1.0)
      multi_json (~> 1.0.0)
      multi_xml (~> 0.3.0)
      simple_oauth (~> 0.1.5)
    yajl-ruby (0.8.3)

PLATFORMS
  ruby

DEPENDENCIES
  share-linuxfr!
