PATH
  remote: .
  specs:
    share-linuxfr (0.1.8)
      bskyrb (~> 0.5.3)
      daemons (~> 1.4)
      optparse (~> 0.3)
      redis (= 4.4.0)
      twitter (~> 8.0)
      yajl-ruby (~> 1.4)

GEM
  remote: https://rubygems.org/
  specs:
    addressable (2.8.5)
      public_suffix (>= 2.0.2, < 6.0)
    bskyrb (0.5.3)
      date (>= 3.3.3)
      httparty (>= 0.21.0)
      json (>= 2.0)
      xrpc (>= 0.0.4)
    buftok (0.3.0)
    daemons (1.4.1)
    date (3.3.3)
    domain_name (0.5.20190701)
      unf (>= 0.0.5, < 1.0.0)
    equalizer (0.0.11)
    ffi (1.15.5)
    ffi-compiler (1.0.1)
      ffi (>= 1.0.0)
      rake
    http (5.1.1)
      addressable (~> 2.8)
      http-cookie (~> 1.0)
      http-form_data (~> 2.2)
      llhttp-ffi (~> 0.4.0)
    http-cookie (1.0.5)
      domain_name (~> 0.5)
    http-form_data (2.3.0)
    httparty (0.21.0)
      mini_mime (>= 1.0.0)
      multi_xml (>= 0.5.2)
    json (2.6.3)
    llhttp-ffi (0.4.0)
      ffi-compiler (~> 1.0)
      rake (~> 13.0)
    memoizable (0.4.2)
      thread_safe (~> 0.3, >= 0.3.1)
    mini_mime (1.1.5)
    multi_xml (0.6.0)
    multipart-post (2.3.0)
    naught (1.1.0)
    optparse (0.3.1)
    public_suffix (5.0.3)
    rake (13.0.6)
    redis (4.4.0)
    simple_oauth (0.3.1)
    thread_safe (0.3.6)
    twitter (8.0.0)
      addressable (~> 2.3)
      buftok (~> 0.3.0)
      equalizer (~> 0.0.11)
      http (~> 5.1)
      http-form_data (~> 2.3)
      llhttp-ffi (~> 0.4.0)
      memoizable (~> 0.4.0)
      multipart-post (~> 2.0)
      naught (~> 1.0)
      simple_oauth (~> 0.3.0)
    unf (0.1.4)
      unf_ext
    unf_ext (0.0.8.2)
    xrpc (0.1.7.2)
      date
      httparty
      json (>= 2.0)
    yajl-ruby (1.4.3)

PLATFORMS
  x86_64-linux

DEPENDENCIES
  share-linuxfr!

BUNDLED WITH
   2.3.15
