PATH
  remote: .
  specs:
    share-linuxfr (0.0.1)
      daemons (~> 1.1)
      em-hiredis (~> 0.1)
      em-http-request (~> 1.0)
      simple_oauth (~> 0.1)
      yajl-ruby (~> 0.8)

GEM
  remote: http://rubygems.org/
  specs:
    addressable (2.2.6)
    daemons (1.1.4)
    em-hiredis (0.1.0)
      hiredis (~> 0.3.0)
    em-http-request (1.0.0)
      addressable (>= 2.2.3)
      em-socksify
      eventmachine (>= 1.0.0.beta.3)
      http_parser.rb (>= 0.5.2)
    em-socksify (0.1.0)
      eventmachine
    eventmachine (1.0.0.beta.3)
    hiredis (0.3.2)
    http_parser.rb (0.5.2)
    simple_oauth (0.1.5)
    yajl-ruby (0.8.3)

PLATFORMS
  ruby

DEPENDENCIES
  share-linuxfr!
